GEM
  remote: https://rubygems.org/
  specs:
    rack (3.0.9.1)

PLATFORMS
  universal-darwin-21
  x86_64-linux

DEPENDENCIES
  rack

BUNDLED WITH
   2.3.23